Brain Vision Data Exchange Header File Version 1.0
; Written using pybv 0.7.5

[Common Infos]
Codepage=UTF-8
DataFile=sub-06_ses-LittlePrince_task-reading_run-01_eeg.eeg
MarkerFile=sub-06_ses-LittlePrince_task-reading_run-01_eeg.vmrk
DataFormat=BINARY
; Data orientation: MULTIPLEXED=ch1,pt1, ch2,pt1 ...
DataOrientation=MULTIPLEXED
NumberOfChannels=128
; Sampling interval in microseconds
SamplingInterval=3906.25

[Binary Infos]
BinaryFormat=IEEE_FLOAT_32

[Channel Infos]
; Each entry: Ch<Channel number>=<Name>,<Reference channel name>,
; <Resolution in "Unit">,<Unit>, Future extensions..
; Fields are delimited by commas, some fields might be omitted (empty).
; Commas in channel names are coded as "\1".
Ch1=E1,,0.1,µV
Ch2=E2,,0.1,µV
Ch3=E3,,0.1,µV
Ch4=E4,,0.1,µV
Ch5=E5,,0.1,µV
Ch6=E6,,0.1,µV
Ch7=E7,,0.1,µV
Ch8=E8,,0.1,µV
Ch9=E9,,0.1,µV
Ch10=E10,,0.1,µV
Ch11=E11,,0.1,µV
Ch12=E12,,0.1,µV
Ch13=E13,,0.1,µV
Ch14=E14,,0.1,µV
Ch15=E15,,0.1,µV
Ch16=E16,,0.1,µV
Ch17=E17,,0.1,µV
Ch18=E18,,0.1,µV
Ch19=E19,,0.1,µV
Ch20=E20,,0.1,µV
Ch21=E21,,0.1,µV
Ch22=E22,,0.1,µV
Ch23=E23,,0.1,µV
Ch24=E24,,0.1,µV
Ch25=E25,,0.1,µV
Ch26=E26,,0.1,µV
Ch27=E27,,0.1,µV
Ch28=E28,,0.1,µV
Ch29=E29,,0.1,µV
Ch30=E30,,0.1,µV
Ch31=E31,,0.1,µV
Ch32=E32,,0.1,µV
Ch33=E33,,0.1,µV
Ch34=E34,,0.1,µV
Ch35=E35,,0.1,µV
Ch36=E36,,0.1,µV
Ch37=E37,,0.1,µV
Ch38=E38,,0.1,µV
Ch39=E39,,0.1,µV
Ch40=E40,,0.1,µV
Ch41=E41,,0.1,µV
Ch42=E42,,0.1,µV
Ch43=E43,,0.1,µV
Ch44=E44,,0.1,µV
Ch45=E45,,0.1,µV
Ch46=E46,,0.1,µV
Ch47=E47,,0.1,µV
Ch48=E48,,0.1,µV
Ch49=E49,,0.1,µV
Ch50=E50,,0.1,µV
Ch51=E51,,0.1,µV
Ch52=E52,,0.1,µV
Ch53=E53,,0.1,µV
Ch54=E54,,0.1,µV
Ch55=E55,,0.1,µV
Ch56=E56,,0.1,µV
Ch57=E57,,0.1,µV
Ch58=E58,,0.1,µV
Ch59=E59,,0.1,µV
Ch60=E60,,0.1,µV
Ch61=E61,,0.1,µV
Ch62=E62,,0.1,µV
Ch63=E63,,0.1,µV
Ch64=E64,,0.1,µV
Ch65=E65,,0.1,µV
Ch66=E66,,0.1,µV
Ch67=E67,,0.1,µV
Ch68=E68,,0.1,µV
Ch69=E69,,0.1,µV
Ch70=E70,,0.1,µV
Ch71=E71,,0.1,µV
Ch72=E72,,0.1,µV
Ch73=E73,,0.1,µV
Ch74=E74,,0.1,µV
Ch75=E75,,0.1,µV
Ch76=E76,,0.1,µV
Ch77=E77,,0.1,µV
Ch78=E78,,0.1,µV
Ch79=E79,,0.1,µV
Ch80=E80,,0.1,µV
Ch81=E81,,0.1,µV
Ch82=E82,,0.1,µV
Ch83=E83,,0.1,µV
Ch84=E84,,0.1,µV
Ch85=E85,,0.1,µV
Ch86=E86,,0.1,µV
Ch87=E87,,0.1,µV
Ch88=E88,,0.1,µV
Ch89=E89,,0.1,µV
Ch90=E90,,0.1,µV
Ch91=E91,,0.1,µV
Ch92=E92,,0.1,µV
Ch93=E93,,0.1,µV
Ch94=E94,,0.1,µV
Ch95=E95,,0.1,µV
Ch96=E96,,0.1,µV
Ch97=E97,,0.1,µV
Ch98=E98,,0.1,µV
Ch99=E99,,0.1,µV
Ch100=E100,,0.1,µV
Ch101=E101,,0.1,µV
Ch102=E102,,0.1,µV
Ch103=E103,,0.1,µV
Ch104=E104,,0.1,µV
Ch105=E105,,0.1,µV
Ch106=E106,,0.1,µV
Ch107=E107,,0.1,µV
Ch108=E108,,0.1,µV
Ch109=E109,,0.1,µV
Ch110=E110,,0.1,µV
Ch111=E111,,0.1,µV
Ch112=E112,,0.1,µV
Ch113=E113,,0.1,µV
Ch114=E114,,0.1,µV
Ch115=E115,,0.1,µV
Ch116=E116,,0.1,µV
Ch117=E117,,0.1,µV
Ch118=E118,,0.1,µV
Ch119=E119,,0.1,µV
Ch120=E120,,0.1,µV
Ch121=E121,,0.1,µV
Ch122=E122,,0.1,µV
Ch123=E123,,0.1,µV
Ch124=E124,,0.1,µV
Ch125=E125,,0.1,µV
Ch126=E126,,0.1,µV
Ch127=E127,,0.1,µV
Ch128=E128,,0.1,µV

[Comment]

